GIT
  remote: git://github.com/gcao/discuz_robot.git
  revision: 7850ee696f9ea125f97923bf66f9be909e0d152b
  specs:
    discuz_robot (0.1.0)

GIT
  remote: git://github.com/gcao/sgf_parser.git
  revision: 070fefb8dd318413c574068331fd6a13481cf6b4
  specs:
    sgf_parser (0.1.0)

GEM
  remote: http://rubygems.org/
  remote: http://gems.github.com/
  specs:
    POpen4 (0.1.4)
      Platform (>= 0.4.0)
      open4
    Platform (0.4.0)
    actionmailer (2.3.8)
      actionpack (= 2.3.8)
    actionpack (2.3.8)
      activesupport (= 2.3.8)
      rack (~> 1.1.0)
    activerecord (2.3.8)
      activesupport (= 2.3.8)
    activeresource (2.3.8)
      activesupport (= 2.3.8)
    activesupport (2.3.8)
    binarylogic-searchlogic (2.3.5)
      activerecord (>= 2.0.0)
    builder (3.0.0)
    calendar_date_select (1.16.3)
    capistrano (2.9.0)
      highline
      net-scp (>= 1.0.0)
      net-sftp (>= 2.0.0)
      net-ssh (>= 2.0.14)
      net-ssh-gateway (>= 1.1.0)
    cgi_multipart_eof_fix (2.5.0)
    chriseppstein-compass (0.8.17)
      haml (>= 2.2.0)
    daemons (1.1.4)
    diff-lcs (1.1.3)
    fastthread (1.0.7)
    gem_plugin (0.2.3)
    haml (3.1.3)
    highline (1.6.8)
    hoptoad_notifier (2.4.11)
      activesupport
      builder
    jammit (0.6.3)
      yui-compressor (>= 0.9.3)
    json (1.6.1)
    metaclass (0.0.1)
    mislav-will_paginate (2.3.11)
    mocha (0.10.0)
      metaclass (~> 0.0.1)
    mongrel (1.1.5)
      cgi_multipart_eof_fix (>= 2.4)
      daemons (>= 1.0.3)
      fastthread (>= 1.0.1)
      gem_plugin (>= 0.2.3)
    mysql (2.8.1)
    net-scp (1.0.4)
      net-ssh (>= 1.99.1)
    net-sftp (2.0.5)
      net-ssh (>= 2.0.9)
    net-ssh (2.2.1)
    net-ssh-gateway (1.1.0)
      net-ssh (>= 1.99.1)
    newrelic_rpm (3.3.0)
    nokogiri (1.5.0)
    open4 (1.3.0)
    rack (1.1.2)
    rack-bug (0.3.0)
      rack (>= 1.0)
    rails (2.3.8)
      actionmailer (= 2.3.8)
      actionpack (= 2.3.8)
      activerecord (= 2.3.8)
      activeresource (= 2.3.8)
      activesupport (= 2.3.8)
      rake (>= 0.8.3)
    rake (0.9.2.2)
    rspec (2.7.0)
      rspec-core (~> 2.7.0)
      rspec-expectations (~> 2.7.0)
      rspec-mocks (~> 2.7.0)
    rspec-core (2.7.1)
    rspec-expectations (2.7.0)
      diff-lcs (~> 1.1.2)
    rspec-mocks (2.7.0)
    rspec-rails (1.3.2)
      rack (>= 1.0.0)
      rspec (>= 1.3.0)
    rubaidh-google_analytics (1.1.4)
      actionpack
      activesupport
    ruby-growl (3.0)
    rubyist-aasm (2.1.1)
    spork (0.8.5)
    syslog-logger (1.6.4)
    thoughtbot-paperclip (2.3.1)
    yui-compressor (0.9.6)
      POpen4 (>= 0.1.4)

PLATFORMS
  ruby

DEPENDENCIES
  binarylogic-searchlogic
  calendar_date_select (>= 1.15)
  capistrano
  chriseppstein-compass (>= 0.8.11)
  discuz_robot!
  haml (>= 2.2.3)
  hoptoad_notifier
  jammit
  json
  mislav-will_paginate (>= 2.3.11)
  mocha
  mongrel
  mysql
  newrelic_rpm
  nokogiri
  rack-bug
  rails (= 2.3.8)
  rspec (>= 1.2.8)
  rspec-rails (>= 1.2.7.1)
  rubaidh-google_analytics
  ruby-growl
  rubyist-aasm
  sgf_parser!
  spork
  syslog-logger
  thoughtbot-paperclip (>= 2.3.0)
