GIT
  remote: git://github.com/gcao/discuz_int.git
  revision: 120fbba7ff75ef3bbce3b792908f45c67d44ad1a
  branch: rails3
  specs:
    discuz_int (0.1.0)

GIT
  remote: git://github.com/gcao/discuz_robot.git
  revision: 8dfa9a2e5f3b55ee99010b3afa99b571f5f65e28
  specs:
    discuz_robot (0.1.0)

GIT
  remote: git://github.com/gcao/sgf_parser.git
  revision: 2fa89fc746065102809b7d501cbd3a7cf2687032
  specs:
    sgf_parser (0.1.0)

GEM
  remote: http://rubygems.org/
  specs:
    POpen4 (0.1.4)
      Platform (>= 0.4.0)
      open4
    Platform (0.4.0)
    SyslogLogger (1.4.0)
      hoe (>= 1.2.0)
    aasm (3.0.2)
      activerecord
    abstract (1.0.0)
    actionmailer (3.0.11)
      actionpack (= 3.0.11)
      mail (~> 2.2.19)
    actionpack (3.0.11)
      activemodel (= 3.0.11)
      activesupport (= 3.0.11)
      builder (~> 2.1.2)
      erubis (~> 2.6.6)
      i18n (~> 0.5.0)
      rack (~> 1.2.1)
      rack-mount (~> 0.6.14)
      rack-test (~> 0.5.7)
      tzinfo (~> 0.3.23)
    activemodel (3.0.11)
      activesupport (= 3.0.11)
      builder (~> 2.1.2)
      i18n (~> 0.5.0)
    activerecord (3.0.11)
      activemodel (= 3.0.11)
      activesupport (= 3.0.11)
      arel (~> 2.0.10)
      tzinfo (~> 0.3.23)
    activeresource (3.0.11)
      activemodel (= 3.0.11)
      activesupport (= 3.0.11)
    activesupport (3.0.11)
    arel (2.0.10)
    builder (2.1.2)
    cgi_multipart_eof_fix (2.5.0)
    cocaine (0.2.1)
    compass (0.10.6)
      haml (>= 3.0.4)
    daemons (1.1.8)
    diff-lcs (1.1.3)
    erubis (2.6.6)
      abstract (>= 1.0.0)
    fastthread (1.0.7)
    ffi (1.0.11)
    formtastic (2.0.2)
      rails (~> 3.0)
    gem_plugin (0.2.3)
    growl (1.0.3)
    guard (1.0.0)
      ffi (>= 0.5.0)
      thor (~> 0.14.6)
    guard-bundler (0.1.3)
      bundler (>= 1.0.0)
      guard (>= 0.2.2)
    guard-shell (0.3.0)
      guard (>= 0.2.0)
    haml (3.0.25)
    hoe (2.13.1)
      rake (~> 0.8)
    hoptoad_notifier (2.4.11)
      activesupport
      builder
    i18n (0.5.0)
    jammit (0.6.5)
      yui-compressor (>= 0.9.3)
    json (1.6.5)
    mail (2.2.19)
      activesupport (>= 2.3.6)
      i18n (>= 0.4.0)
      mime-types (~> 1.16)
      treetop (~> 1.4.8)
    metaclass (0.0.1)
    mime-types (1.17.2)
    mocha (0.10.3)
      metaclass (~> 0.0.1)
    mongrel (1.1.5)
      cgi_multipart_eof_fix (>= 2.4)
      daemons (>= 1.0.3)
      fastthread (>= 1.0.1)
      gem_plugin (>= 0.2.3)
    mysql (2.8.1)
    nokogiri (1.5.0)
    open4 (1.3.0)
    paperclip (2.5.2)
      activerecord (>= 2.3.0)
      activesupport (>= 2.3.2)
      cocaine (>= 0.0.2)
      mime-types
    polyglot (0.3.3)
    rack (1.2.5)
    rack-bug (0.3.0)
      rack (>= 1.0)
    rack-mount (0.6.14)
      rack (>= 1.0.0)
    rack-test (0.5.7)
      rack (>= 1.0)
    rails (3.0.11)
      actionmailer (= 3.0.11)
      actionpack (= 3.0.11)
      activerecord (= 3.0.11)
      activeresource (= 3.0.11)
      activesupport (= 3.0.11)
      bundler (~> 1.0)
      railties (= 3.0.11)
    railties (3.0.11)
      actionpack (= 3.0.11)
      activesupport (= 3.0.11)
      rake (>= 0.8.7)
      rdoc (~> 3.4)
      thor (~> 0.14.4)
    rake (0.9.2.2)
    rb-fsevent (0.9.0)
    rdoc (3.12)
      json (~> 1.4)
    rspec (2.8.0)
      rspec-core (~> 2.8.0)
      rspec-expectations (~> 2.8.0)
      rspec-mocks (~> 2.8.0)
    rspec-core (2.8.0)
    rspec-expectations (2.8.0)
      diff-lcs (~> 1.1.2)
    rspec-mocks (2.8.0)
    rspec-rails (2.8.1)
      actionpack (>= 3.0)
      activesupport (>= 3.0)
      railties (>= 3.0)
      rspec (~> 2.8.0)
    spork (0.9.0)
    thor (0.14.6)
    treetop (1.4.10)
      polyglot
      polyglot (>= 0.3.1)
    tzinfo (0.3.31)
    will_paginate (3.0.3)
    yui-compressor (0.9.6)
      POpen4 (>= 0.1.4)

PLATFORMS
  ruby

DEPENDENCIES
  SyslogLogger
  aasm
  compass (~> 0.10.0)
  discuz_int!
  discuz_robot!
  formtastic
  growl
  guard
  guard-bundler
  guard-shell
  haml (~> 3.0.0)
  hoptoad_notifier
  jammit
  json
  mocha
  mongrel
  mysql
  nokogiri
  paperclip
  rack-bug
  rails (~> 3.0.0)
  rb-fsevent
  rspec (>= 1.2.8)
  rspec-rails (>= 1.2.7.1)
  sgf_parser!
  spork
  will_paginate
