GIT
  remote: git://github.com/gcao/discuz_robot.git
  revision: 7850ee6
  specs:
    discuz_robot (0.1.0)

GIT
  remote: git://github.com/gcao/sgf_parser.git
  revision: 070fefb
  specs:
    sgf_parser (0.1.0)

GEM
  remote: http://rubygems.org/
  remote: http://gems.github.com/
  specs:
    actionmailer (2.3.8)
      actionpack (= 2.3.8)
    actionpack (2.3.8)
      activesupport (= 2.3.8)
      rack (~> 1.1.0)
    activerecord (2.3.8)
      activesupport (= 2.3.8)
    activeresource (2.3.8)
      activesupport (= 2.3.8)
    activesupport (2.3.8)
    binarylogic-searchlogic (2.3.5)
      activerecord (>= 2.0.0)
    calendar_date_select (1.16.1)
    cgi_multipart_eof_fix (2.5.0)
    chriseppstein-compass (0.8.17)
      haml (>= 2.2.0)
    closure-compiler (0.3.3)
    daemons (1.1.0)
    diff-lcs (1.1.2)
    fastthread (1.0.7)
    gem_plugin (0.2.3)
    haml (3.0.21)
    hoptoad_notifier (2.3.8)
      activesupport
    jammit (0.5.3)
      closure-compiler (>= 0.1.0)
      yui-compressor (>= 0.9.1)
    json (1.4.6)
    mislav-will_paginate (2.3.11)
    mocha (0.9.8)
      rake
    mongrel (1.1.5)
      cgi_multipart_eof_fix (>= 2.4)
      daemons (>= 1.0.3)
      fastthread (>= 1.0.1)
      gem_plugin (>= 0.2.3)
    mysql (2.8.1)
    newrelic_rpm (2.13.2)
    nokogiri (1.4.3.1)
    rack (1.1.0)
    rack-bug (0.3.0)
      rack (>= 1.0)
    rails (2.3.8)
      actionmailer (= 2.3.8)
      actionpack (= 2.3.8)
      activerecord (= 2.3.8)
      activeresource (= 2.3.8)
      activesupport (= 2.3.8)
      rake (>= 0.8.3)
    rake (0.8.7)
    rspec (2.0.0)
      rspec-core (= 2.0.0)
      rspec-expectations (= 2.0.0)
      rspec-mocks (= 2.0.0)
    rspec-core (2.0.0)
    rspec-expectations (2.0.0)
      diff-lcs (>= 1.1.2)
    rspec-mocks (2.0.0)
      rspec-core (= 2.0.0)
      rspec-expectations (= 2.0.0)
    rspec-rails (2.0.0)
      rspec (= 2.0.0)
    ruby-growl (3.0)
    rubyist-aasm (2.1.1)
    spork (0.8.4)
    thoughtbot-paperclip (2.3.1)
    yui-compressor (0.9.1)

PLATFORMS
  ruby

DEPENDENCIES
  binarylogic-searchlogic
  calendar_date_select (>= 1.15)
  chriseppstein-compass (>= 0.8.11)
  discuz_robot!
  haml (>= 2.2.3)
  hoptoad_notifier
  jammit
  json
  mislav-will_paginate (>= 2.3.11)
  mocha
  mongrel
  mysql
  newrelic_rpm
  nokogiri
  rack-bug
  rails (= 2.3.8)
  rspec (>= 1.2.8)
  rspec-rails (>= 1.2.7.1)
  ruby-growl
  rubyist-aasm
  sgf_parser!
  spork
  thoughtbot-paperclip (>= 2.3.0)
